GIT
  remote: git://github.com/clearsightstudio/ProMotion.git
  revision: c239679b5c95d0b0643a18d8631e0a67572412e2
  branch: version-1.0
  specs:
    ProMotion (1.0.0)

GIT
  remote: git://github.com/sxross/MotionModel.git
  revision: 4c9969db32f2844439588284dd7917b39e0f634a
  specs:
    motion_model (0.4.6)
      bubble-wrap (= 1.3.0)
      motion-support (>= 0.1.0)

GEM
  remote: https://rubygems.org/
  specs:
    awesome_print_motion (0.1.0)
    bubble-wrap (1.3.0)
    celluloid (0.15.2)
      timers (~> 1.1.0)
    coderay (1.0.9)
    ffi (1.9.0)
    formatador (0.2.4)
    formotion (1.5.1)
      bubble-wrap (~> 1.3.0)
      motion-require (~> 0.0.3)
    guard (2.0.3)
      formatador (>= 0.2.4)
      listen (~> 2.0)
      lumberjack (~> 1.0)
      pry (>= 0.9.12)
      thor (>= 0.18.1)
    guard-motion (0.1.2)
      guard (>= 1.1.0)
      rake (>= 0.9)
    listen (2.0.0)
      celluloid (>= 0.15.1)
      rb-fsevent (>= 0.9.3)
      rb-inotify (>= 0.9)
    lumberjack (1.0.4)
    method_source (0.8.2)
    motion-env (0.0.1)
    motion-maml (0.1.1)
      motion-require
    motion-require (0.0.7)
    motion-support (0.2.5)
      motion-require (>= 0.0.6)
    pry (0.9.12.2)
      coderay (~> 1.0.5)
      method_source (~> 0.8)
      slop (~> 3.4)
    rake (10.1.0)
    rb-fsevent (0.9.3)
    rb-inotify (0.9.2)
      ffi (>= 0.5.0)
    slop (3.4.6)
    sugarcube (1.1.0)
    teacup (2.1.11)
    thor (0.18.1)
    timers (1.1.0)

PLATFORMS
  ruby

DEPENDENCIES
  ProMotion!
  awesome_print_motion
  bubble-wrap
  formotion
  guard-motion
  motion-env
  motion-maml
  motion_model!
  rake
  sugarcube
  teacup
